PATH
  remote: .
  specs:
    adept (0.2.0)

GEM
  remote: https://rubygems.org/
  specs:
    ast (2.4.2)
    diff-lcs (1.5.0)
    json (2.6.3)
    language_server-protocol (3.17.0.3)
    parallel (1.22.1)
    parser (3.2.1.0)
      ast (~> 2.4.1)
    prettier_print (1.2.0)
    rainbow (3.1.1)
    rake (13.0.6)
    regexp_parser (2.7.0)
    rexml (3.2.5)
    rspec (3.12.0)
      rspec-core (~> 3.12.0)
      rspec-expectations (~> 3.12.0)
      rspec-mocks (~> 3.12.0)
    rspec-core (3.12.1)
      rspec-support (~> 3.12.0)
    rspec-expectations (3.12.2)
      diff-lcs (>= 1.2.0, < 2.0)
      rspec-support (~> 3.12.0)
    rspec-mocks (3.12.3)
      diff-lcs (>= 1.2.0, < 2.0)
      rspec-support (~> 3.12.0)
    rspec-support (3.12.0)
    rubocop (1.44.1)
      json (~> 2.3)
      parallel (~> 1.10)
      parser (>= 3.2.0.0)
      rainbow (>= 2.2.2, < 4.0)
      regexp_parser (>= 1.8, < 3.0)
      rexml (>= 3.2.5, < 4.0)
      rubocop-ast (>= 1.24.1, < 2.0)
      ruby-progressbar (~> 1.7)
      unicode-display_width (>= 2.4.0, < 3.0)
    rubocop-ast (1.24.1)
      parser (>= 3.1.1.0)
    rubocop-performance (1.15.2)
      rubocop (>= 1.7.0, < 2.0)
      rubocop-ast (>= 0.4.0)
    ruby-lsp (0.3.8)
      language_server-protocol (~> 3.17.0)
      sorbet-runtime
      syntax_tree (>= 5.0.0, < 6)
    ruby-progressbar (1.11.0)
    sorbet-runtime (0.5.10658)
    standard (1.24.2)
      language_server-protocol (~> 3.17.0.2)
      rubocop (= 1.44.1)
      rubocop-performance (= 1.15.2)
    syntax_tree (5.3.0)
      prettier_print (>= 1.2.0)
    unicode-display_width (2.4.2)

PLATFORMS
  x86_64-linux

DEPENDENCIES
  adept!
  rake (~> 13.0)
  rspec (~> 3.0)
  ruby-lsp (~> 0.3.8)
  standard (~> 1.3)

BUNDLED WITH
   2.4.1
